GEM
  remote: https://rubygems.org/
  specs:
    addressable (2.7.0)
      public_suffix (>= 2.0.2, < 5.0)
    byebug (11.1.3)
    coderay (1.1.3)
    color_echo (3.1.1)
    diff-lcs (1.4.4)
    diffy (3.4.0)
    dotenv (2.7.6)
    launchy (2.5.0)
      addressable (~> 2.7)
    method_source (1.0.0)
    pry (0.13.1)
      coderay (~> 1.1)
      method_source (~> 1.0)
    pry-byebug (3.9.0)
      byebug (~> 11.0)
      pry (~> 0.13.0)
    public_suffix (4.0.6)

PLATFORMS
  ruby

DEPENDENCIES
  color_echo
  diff-lcs
  diffy
  dotenv
  launchy
  pry-byebug

RUBY VERSION
   ruby 2.7.1p83

BUNDLED WITH
   2.1.4
